GEM
  remote: https://rubygems.org/
  specs:
    byebug (11.1.3)
    minitest (5.16.0)
    rake (13.0.6)

PLATFORMS
  arm64-darwin-21

DEPENDENCIES
  byebug (~> 11.1)
  minitest (~> 5.16)
  rake (~> 13.0)

BUNDLED WITH
   2.3.7
